GEM
  remote: http://rubygems.org/
  specs:
    addressable (2.2.2)
    faraday (0.7.6)
      addressable (~> 2.2)
      multipart-post (~> 1.1)
      rack (~> 1.1)
    haml (3.1.3)
    koala (1.4.0)
      faraday (~> 0.7.0)
      multi_json (~> 1.0)
    multi_json (1.2.0)
    multipart-post (1.1.5)
    rack (1.3.5)
    rack-protection (1.1.4)
      rack
    redis (2.2.2)
    sass (3.1.10)
    sinatra (1.3.1)
      rack (~> 1.3, >= 1.3.4)
      rack-protection (~> 1.1, >= 1.1.2)
      tilt (~> 1.3, >= 1.3.3)
    tilt (1.3.3)

PLATFORMS
  ruby

DEPENDENCIES
  haml
  koala
  redis
  sass
  sinatra
